GEM
  remote: https://rubygems.org/
  specs:
    backports (3.8.0)
    faraday (0.12.2)
      multipart-post (>= 1.2, < 3)
    faraday_middleware (0.11.0.1)
      faraday (>= 0.7.4, < 1.0)
    foreman (0.83.0)
      thor (~> 0.19.1)
    haml (4.0.7)
      tilt
    hiredis (0.6.1)
    jwt (1.5.6)
    multi_json (1.12.1)
    multipart-post (2.0.0)
    nest (3.0.0)
      redic
    ohm (3.1.1)
      nest (~> 3)
      redic (~> 1.5.0)
      stal
    ohm-contrib (3.0.0)
      ohm (~> 3.0)
    rack (1.6.5)
    rack-protection (1.5.3)
      rack
    rack-test (0.6.3)
      rack (>= 1.0)
    redic (1.5.0)
      hiredis
    sinatra (1.4.8)
      rack (~> 1.5)
      rack-protection (~> 1.4)
      tilt (>= 1.3, < 3)
    sinatra-contrib (1.4.7)
      backports (>= 2.0)
      multi_json
      rack-protection
      rack-test
      sinatra (~> 1.4.0)
      tilt (>= 1.3, < 3)
    stal (0.3.0)
      redic (~> 1.5)
    thor (0.19.4)
    tilt (2.0.6)

PLATFORMS
  ruby

DEPENDENCIES
  faraday
  faraday_middleware
  foreman
  haml
  jwt
  ohm
  ohm-contrib
  sinatra-contrib

BUNDLED WITH
   1.14.4
